GEM
  remote: https://rubygems.org/
  specs:
    activesupport (3.2.22.2)
      i18n (~> 0.6, >= 0.6.4)
      multi_json (~> 1.0)
    faker (1.3.0)
      i18n (~> 0.5)
    i18n (0.6.9)
    multi_json (1.12.2)
    mysql2 (0.3.16)
    rufus-mnemo (1.2.3)
    sequel (4.11.0)

PLATFORMS
  ruby

DEPENDENCIES
  activesupport
  faker
  mysql2
  rufus-mnemo
  sequel

BUNDLED WITH
   1.16.0
