GEM
  remote: https://rubygems.org/
  specs:
    faker (1.3.0)
      i18n (~> 0.5)
    i18n (0.6.9)
    mysql2 (0.3.16)
    sequel (4.11.0)

PLATFORMS
  ruby

DEPENDENCIES
  faker
  mysql2
  sequel
